GIT
  remote: https://github.com/gesteves/flickraw.git
  revision: c5336c74ca65e3004c4ae98616abefd1553494a3
  branch: update-upload-url
  specs:
    flickraw (1.0.0.pre.pre1)
      nokogiri

GEM
  remote: https://rubygems.org/
  specs:
    actioncable (6.1.0)
      actionpack (= 6.1.0)
      activesupport (= 6.1.0)
      nio4r (~> 2.0)
      websocket-driver (>= 0.6.1)
    actionmailbox (6.1.0)
      actionpack (= 6.1.0)
      activejob (= 6.1.0)
      activerecord (= 6.1.0)
      activestorage (= 6.1.0)
      activesupport (= 6.1.0)
      mail (>= 2.7.1)
    actionmailer (6.1.0)
      actionpack (= 6.1.0)
      actionview (= 6.1.0)
      activejob (= 6.1.0)
      activesupport (= 6.1.0)
      mail (~> 2.5, >= 2.5.4)
      rails-dom-testing (~> 2.0)
    actionpack (6.1.0)
      actionview (= 6.1.0)
      activesupport (= 6.1.0)
      rack (~> 2.0, >= 2.0.9)
      rack-test (>= 0.6.3)
      rails-dom-testing (~> 2.0)
      rails-html-sanitizer (~> 1.0, >= 1.2.0)
    actiontext (6.1.0)
      actionpack (= 6.1.0)
      activerecord (= 6.1.0)
      activestorage (= 6.1.0)
      activesupport (= 6.1.0)
      nokogiri (>= 1.8.5)
    actionview (6.1.0)
      activesupport (= 6.1.0)
      builder (~> 3.1)
      erubi (~> 1.4)
      rails-dom-testing (~> 2.0)
      rails-html-sanitizer (~> 1.1, >= 1.2.0)
    activejob (6.1.0)
      activesupport (= 6.1.0)
      globalid (>= 0.3.6)
    activemodel (6.1.0)
      activesupport (= 6.1.0)
    activerecord (6.1.0)
      activemodel (= 6.1.0)
      activesupport (= 6.1.0)
    activestorage (6.1.0)
      actionpack (= 6.1.0)
      activejob (= 6.1.0)
      activerecord (= 6.1.0)
      activesupport (= 6.1.0)
      marcel (~> 0.3.1)
      mimemagic (~> 0.3.2)
    activesupport (6.1.0)
      concurrent-ruby (~> 1.0, >= 1.0.2)
      i18n (>= 1.6, < 2)
      minitest (>= 5.1)
      tzinfo (~> 2.0)
      zeitwerk (~> 2.3)
    acts-as-taggable-on (7.0.0)
      activerecord (>= 5.0, < 6.2)
    acts_as_list (1.0.3)
      activerecord (>= 4.2)
    addressable (2.7.0)
      public_suffix (>= 2.0.2, < 5.0)
    autoprefixer-rails (10.2.0.0)
      execjs
    aws-eventstream (1.1.0)
    aws-partitions (1.413.0)
    aws-sdk-cloudfront (1.47.0)
      aws-sdk-core (~> 3, >= 3.109.0)
      aws-sigv4 (~> 1.1)
    aws-sdk-core (3.110.0)
      aws-eventstream (~> 1, >= 1.0.2)
      aws-partitions (~> 1, >= 1.239.0)
      aws-sigv4 (~> 1.1)
      jmespath (~> 1.0)
    aws-sdk-kms (1.40.0)
      aws-sdk-core (~> 3, >= 3.109.0)
      aws-sigv4 (~> 1.1)
    aws-sdk-s3 (1.87.0)
      aws-sdk-core (~> 3, >= 3.109.0)
      aws-sdk-kms (~> 1)
      aws-sigv4 (~> 1.1)
    aws-sigv4 (1.2.2)
      aws-eventstream (~> 1, >= 1.0.2)
    barnes (0.0.8)
      multi_json (~> 1)
      statsd-ruby (~> 1.1)
    bindex (0.8.1)
    bootsnap (1.5.1)
      msgpack (~> 1.0)
    brakeman (4.10.1)
    buftok (0.2.0)
    builder (3.2.4)
    byebug (11.1.3)
    concurrent-ruby (1.1.7)
    connection_pool (2.2.3)
    crass (1.0.6)
    dalli (2.7.11)
    domain_name (0.5.20190701)
      unf (>= 0.0.5, < 1.0.0)
    elasticsearch (5.0.5)
      elasticsearch-api (= 5.0.5)
      elasticsearch-transport (= 5.0.5)
    elasticsearch-api (5.0.5)
      multi_json
    elasticsearch-model (5.1.0)
      activesupport (> 3)
      elasticsearch (~> 5)
      hashie
    elasticsearch-rails (5.1.0)
    elasticsearch-transport (5.0.5)
      faraday
      multi_json
    equalizer (0.0.11)
    erubi (1.10.0)
    execjs (2.7.0)
    exifr (1.3.9)
    faraday (1.1.0)
      multipart-post (>= 1.2, < 3)
      ruby2_keywords
    ffi (1.14.2)
    ffi-compiler (1.0.1)
      ffi (>= 1.0.0)
      rake
    figaro (1.2.0)
      thor (>= 0.14.0, < 2)
    globalid (0.4.2)
      activesupport (>= 4.2.0)
    graphql (1.11.6)
    hashie (4.1.0)
    http (4.4.1)
      addressable (~> 2.3)
      http-cookie (~> 1.0)
      http-form_data (~> 2.2)
      http-parser (~> 1.2.0)
    http-cookie (1.0.3)
      domain_name (~> 0.5)
    http-form_data (2.3.0)
    http-parser (1.2.1)
      ffi-compiler (>= 1.0, < 2.0)
    http_parser.rb (0.6.0)
    httparty (0.18.1)
      mime-types (~> 3.0)
      multi_xml (>= 0.5.2)
    i18n (1.8.7)
      concurrent-ruby (~> 1.0)
    imgix (4.0.0)
    jbuilder (2.10.1)
      activesupport (>= 5.0.0)
    jmespath (1.4.0)
    jwt (2.2.2)
    kaminari (1.2.1)
      activesupport (>= 4.1.0)
      kaminari-actionview (= 1.2.1)
      kaminari-activerecord (= 1.2.1)
      kaminari-core (= 1.2.1)
    kaminari-actionview (1.2.1)
      actionview
      kaminari-core (= 1.2.1)
    kaminari-activerecord (1.2.1)
      activerecord
      kaminari-core (= 1.2.1)
    kaminari-core (1.2.1)
    listen (3.4.0)
      rb-fsevent (~> 0.10, >= 0.10.3)
      rb-inotify (~> 0.9, >= 0.9.10)
    lograge (0.11.2)
      actionpack (>= 4)
      activesupport (>= 4)
      railties (>= 4)
      request_store (~> 1.0)
    loofah (2.8.0)
      crass (~> 1.0.2)
      nokogiri (>= 1.5.9)
    mail (2.7.1)
      mini_mime (>= 0.1.1)
    marcel (0.3.3)
      mimemagic (~> 0.3.2)
    memoizable (0.4.2)
      thread_safe (~> 0.3, >= 0.3.1)
    method_source (1.0.0)
    mime-types (3.3.1)
      mime-types-data (~> 3.2015)
    mime-types-data (3.2020.0512)
    mimemagic (0.3.5)
    mini_magick (4.11.0)
    mini_mime (1.0.2)
    mini_portile2 (2.5.0)
    minitest (5.14.3)
    mock_redis (0.27.0)
    msgpack (1.3.3)
    multi_json (1.15.0)
    multi_xml (0.6.0)
    multipart-post (2.1.1)
    naught (1.1.0)
    nio4r (2.5.4)
    nokogiri (1.11.1)
      mini_portile2 (~> 2.5.0)
      racc (~> 1.4)
    nokogumbo (2.0.4)
      nokogiri (~> 1.8, >= 1.8.4)
    oauth (0.5.4)
    oauth2 (1.4.4)
      faraday (>= 0.8, < 2.0)
      jwt (>= 1.0, < 3.0)
      multi_json (~> 1.3)
      multi_xml (~> 0.5)
      rack (>= 1.2, < 3)
    omniauth (1.9.1)
      hashie (>= 3.4.6)
      rack (>= 1.6.2, < 3)
    omniauth-google-oauth2 (0.8.1)
      jwt (>= 2.0)
      oauth2 (~> 1.1)
      omniauth (>= 1.1.1)
      omniauth-oauth2 (>= 1.6)
    omniauth-oauth2 (1.7.0)
      oauth2 (~> 1.4)
      omniauth (~> 1.9)
    pg (1.2.3)
    public_suffix (4.0.6)
    puma (5.1.1)
      nio4r (~> 2.0)
    racc (1.5.2)
    rack (2.2.3)
    rack-attack (6.3.1)
      rack (>= 1.0, < 3)
    rack-proxy (0.6.5)
      rack
    rack-test (1.1.0)
      rack (>= 1.0, < 3)
    rails (6.1.0)
      actioncable (= 6.1.0)
      actionmailbox (= 6.1.0)
      actionmailer (= 6.1.0)
      actionpack (= 6.1.0)
      actiontext (= 6.1.0)
      actionview (= 6.1.0)
      activejob (= 6.1.0)
      activemodel (= 6.1.0)
      activerecord (= 6.1.0)
      activestorage (= 6.1.0)
      activesupport (= 6.1.0)
      bundler (>= 1.15.0)
      railties (= 6.1.0)
      sprockets-rails (>= 2.0.0)
    rails-controller-testing (1.0.5)
      actionpack (>= 5.0.1.rc1)
      actionview (>= 5.0.1.rc1)
      activesupport (>= 5.0.1.rc1)
    rails-dom-testing (2.0.3)
      activesupport (>= 4.2.0)
      nokogiri (>= 1.6)
    rails-html-sanitizer (1.3.0)
      loofah (~> 2.3)
    railties (6.1.0)
      actionpack (= 6.1.0)
      activesupport (= 6.1.0)
      method_source
      rake (>= 0.8.7)
      thor (~> 1.0)
    rainbow (2.2.2)
      rake
    rake (13.0.3)
    rb-fsevent (0.10.4)
    rb-inotify (0.10.1)
      ffi (~> 1.0)
    rdoc (6.2.1)
    redcarpet (3.5.1)
    redis (4.2.2)
    request_store (1.5.0)
      rack (>= 1.4)
    ruby2_keywords (0.0.2)
    sanitize (5.2.2)
      crass (~> 1.0.2)
      nokogiri (>= 1.8.0)
      nokogumbo (~> 2.0)
    sass (3.4.25)
    sass-rails (6.0.0)
      sassc-rails (~> 2.1, >= 2.1.1)
    sassc (2.4.0)
      ffi (~> 1.9)
    sassc-rails (2.1.2)
      railties (>= 4.0.0)
      sassc (>= 2.0)
      sprockets (> 3.0)
      sprockets-rails
      tilt
    scss-lint (0.38.0)
      rainbow (~> 2.0)
      sass (~> 3.4.1)
    sdoc (2.0.3)
      rdoc (>= 5.0)
    semantic_range (2.3.0)
    sentry-raven (3.1.1)
      faraday (>= 1.0)
    sidekiq (6.1.2)
      connection_pool (>= 2.2.2)
      rack (~> 2.0)
      redis (>= 4.2.0)
    simple_oauth (0.3.1)
    skylight (4.3.2)
      skylight-core (= 4.3.2)
    skylight-core (4.3.2)
      activesupport (>= 4.2.0)
    spring (2.1.1)
    spring-watcher-listen (2.0.1)
      listen (>= 2.7, < 4.0)
      spring (>= 1.2, < 3.0)
    sprockets (4.0.2)
      concurrent-ruby (~> 1.0)
      rack (> 1, < 3)
    sprockets-rails (3.2.2)
      actionpack (>= 4.0)
      activesupport (>= 4.0)
      sprockets (>= 3.0.0)
    statsd-ruby (1.4.0)
    thor (1.0.1)
    thread_safe (0.3.6)
    tilt (2.0.10)
    turbolinks (5.2.1)
      turbolinks-source (~> 5.2)
    turbolinks-source (5.2.0)
    twitter (7.0.0)
      addressable (~> 2.3)
      buftok (~> 0.2.0)
      equalizer (~> 0.0.11)
      http (~> 4.0)
      http-form_data (~> 2.0)
      http_parser.rb (~> 0.6.0)
      memoizable (~> 0.4.0)
      multipart-post (~> 2.0)
      naught (~> 1.0)
      simple_oauth (~> 0.3.0)
    tzinfo (2.0.4)
      concurrent-ruby (~> 1.0)
    uglifier (4.2.0)
      execjs (>= 0.3.0, < 3)
    unf (0.1.4)
      unf_ext
    unf_ext (0.0.7.7)
    web-console (4.1.0)
      actionview (>= 6.0.0)
      activemodel (>= 6.0.0)
      bindex (>= 0.4.0)
      railties (>= 6.0.0)
    webpacker (5.2.1)
      activesupport (>= 5.2)
      rack-proxy (>= 0.6.1)
      railties (>= 5.2)
      semantic_range (>= 2.3.0)
    websocket-driver (0.7.3)
      websocket-extensions (>= 0.1.0)
    websocket-extensions (0.1.5)
    zeitwerk (2.4.2)

PLATFORMS
  ruby

DEPENDENCIES
  acts-as-taggable-on (~> 7.0)
  acts_as_list
  autoprefixer-rails
  aws-sdk-cloudfront (~> 1)
  aws-sdk-s3 (~> 1)
  barnes
  bootsnap
  brakeman
  byebug
  dalli
  elasticsearch-model (~> 5.0)
  elasticsearch-rails (~> 5.0)
  exifr
  figaro
  flickraw!
  graphql
  httparty
  imgix
  jbuilder (~> 2.10)
  kaminari
  listen (>= 3.0.5, < 3.5)
  lograge
  mini_magick
  mock_redis
  oauth
  omniauth-google-oauth2
  pg (~> 1.2)
  puma
  rack-attack
  rails (= 6.1.0)
  rails-controller-testing
  redcarpet
  sanitize
  sass-rails (~> 6.0)
  scss-lint
  sdoc (~> 2.0)
  sentry-raven (~> 3.1)
  sidekiq
  skylight
  spring
  spring-watcher-listen (~> 2.0.0)
  turbolinks (~> 5.2.1)
  twitter
  uglifier (>= 1.3.0)
  web-console (>= 3.3.0)
  webpacker

RUBY VERSION
   ruby 2.7.2p137

BUNDLED WITH
   2.1.4
